GEM
  remote: https://rubygems.org/
  specs:
    coderay (1.1.3)
    httparty (0.18.1)
      mime-types (~> 3.0)
      multi_xml (>= 0.5.2)
    json (2.3.1)
    method_source (1.0.0)
    mime-types (3.3.1)
      mime-types-data (~> 3.2015)
    mime-types-data (3.2020.0512)
    multi_xml (0.6.0)
    pry (0.13.1)
      coderay (~> 1.1)
      method_source (~> 1.0)
    yaml (0.1.0)

PLATFORMS
  ruby

DEPENDENCIES
  httparty
  json
  pry
  yaml

BUNDLED WITH
   2.0.2
